GEM
  remote: https://rubygems.org/
  specs:
    ffi (1.9.18)
    foreman (0.84.0)
      thor (~> 0.19.1)
    listen (3.1.5)
      rb-fsevent (~> 0.9, >= 0.9.4)
      rb-inotify (~> 0.9, >= 0.9.7)
      ruby_dep (~> 1.2)
    rack (2.0.3)
    rb-fsevent (0.10.1)
    rb-inotify (0.9.10)
      ffi (>= 0.5.0, < 2)
    rerun (0.11.0)
      listen (~> 3.0)
    roda (2.27.0)
      rack
    ruby_dep (1.5.0)
    thor (0.19.4)

PLATFORMS
  ruby

DEPENDENCIES
  foreman!
  rerun!
  roda!

BUNDLED WITH
   1.14.6
